PATH
  remote: .
  specs:
    ruhoh-multiple_authors (0.0.1)
      ruhoh (~> 2.5)

GEM
  remote: http://rubygems.org/
  specs:
    directory_watcher (1.4.1)
    mini_portile (0.5.2)
    mustache (0.99.4)
    nokogiri (1.6.0)
      mini_portile (~> 0.5.0)
    rack (1.5.2)
    redcarpet (2.3.0)
    ruhoh (2.5)
      directory_watcher (~> 1.4.0)
      mustache (~> 0.99)
      nokogiri (~> 1.5)
      rack (~> 1.4)
      redcarpet (~> 2.1)

PLATFORMS
  ruby

DEPENDENCIES
  ruhoh-multiple_authors!
